GEM
  remote: https://rubygems.org/
  specs:
    httperfrb (0.3.12)
      open4
    nio4r (2.5.7)
    open4 (1.3.4)
    puma (4.3.8)
      nio4r (~> 2.0)

PLATFORMS
  ruby

DEPENDENCIES
  httperfrb (~> 0.3.12)
  puma (~> 4.3.8)
