GEM
  remote: https://rubygems.org/
  specs:
    httperfrb (0.3.12)
      open4
    open4 (1.3.4)
    puma (2.8.2)
      rack (>= 1.1, < 2.0)
    rack (1.6.13)

PLATFORMS
  ruby

DEPENDENCIES
  httperfrb (~> 0.3.12)
  puma (~> 2.8.2)
